GEM
  remote: https://rubygems.org/
  specs:
    amq-protocol (1.9.2)
    bunny (1.4.1)
      amq-protocol (>= 1.9.2)
    daemons (1.1.9)
    eventmachine (1.0.3)
    rack (1.5.2)
    thin (1.6.3)
      daemons (~> 1.0, >= 1.0.9)
      eventmachine (~> 1.0)
      rack (~> 1.0)
    thrift (0.9.1)
    uuidtools (2.1.5)

PLATFORMS
  ruby

DEPENDENCIES
  bunny
  thin
  thrift
  uuidtools
